GEM
  remote: http://www.rubygems.org/
  specs:
    celluloid (0.13.0)
      timers (>= 1.0.0)
    celluloid-io (0.13.1)
      celluloid (>= 0.13.0)
      nio4r (>= 0.4.0)
    daemons (1.1.9)
    eventmachine (1.0.3)
    gosu (0.7.47.1)
    haml (4.0.2)
      tilt
    nio4r (0.4.3)
    rack (1.5.2)
    rack-protection (1.5.0)
      rack
    randexp (0.1.7)
    sinatra (1.4.2)
      rack (~> 1.5, >= 1.5.2)
      rack-protection (~> 1.4)
      tilt (~> 1.3, >= 1.3.4)
    thin (1.5.0)
      daemons (>= 1.0.9)
      eventmachine (>= 0.12.6)
      rack (>= 1.0.0)
    tilt (1.3.7)
    timers (1.1.0)

PLATFORMS
  ruby

DEPENDENCIES
  celluloid-io (~> 0.13.1)
  gosu (~> 0.7.45)
  haml
  randexp
  sinatra
  thin
